GEM
  remote: https://rubygems.org/
  specs:
    mini_portile2 (2.4.0)
    nokogiri (1.10.7)
      mini_portile2 (~> 2.4.0)
    nokogiri (1.10.7-x64-mingw32)
      mini_portile2 (~> 2.4.0)
    rubyzip (2.0.0)

PLATFORMS
  ruby
  x64-mingw32

DEPENDENCIES
  nokogiri
  rubyzip

RUBY VERSION
   ruby 2.5.1p57

BUNDLED WITH
   2.1.4
